PATH
  remote: .
  specs:
    git_analysis (0.1.0)

GEM
  remote: https://rubygems.org/
  specs:
    addressable (2.5.2)
      public_suffix (>= 2.0.2, < 4.0)
    aruba (0.14.5)
      childprocess (>= 0.6.3, < 0.10.0)
      contracts (~> 0.9)
      cucumber (>= 1.3.19)
      ffi (~> 1.9.10)
      rspec-expectations (>= 2.99)
      thor (~> 0.19)
    backports (3.11.3)
    builder (3.2.3)
    childprocess (0.9.0)
      ffi (~> 1.0, >= 1.0.11)
    contracts (0.16.0)
    cucumber (3.1.0)
      builder (>= 2.1.2)
      cucumber-core (~> 3.1.0)
      cucumber-expressions (~> 5.0.4)
      cucumber-wire (~> 0.0.1)
      diff-lcs (~> 1.3)
      gherkin (~> 5.0)
      multi_json (>= 1.7.5, < 2.0)
      multi_test (>= 0.1.2)
    cucumber-core (3.1.0)
      backports (>= 3.8.0)
      cucumber-tag_expressions (~> 1.1.0)
      gherkin (>= 5.0.0)
    cucumber-expressions (5.0.17)
    cucumber-tag_expressions (1.1.1)
    cucumber-wire (0.0.1)
    diff-lcs (1.3)
    domain_name (0.5.20180417)
      unf (>= 0.0.5, < 1.0.0)
    faraday (0.15.0)
      multipart-post (>= 1.2, < 3)
    ffi (1.9.23)
    gherkin (5.0.0)
    http (3.3.0)
      addressable (~> 2.3)
      http-cookie (~> 1.0)
      http-form_data (~> 2.0)
      http_parser.rb (~> 0.6.0)
    http-cookie (1.0.3)
      domain_name (~> 0.5)
    http-form_data (2.1.0)
    http_parser.rb (0.6.0)
    json (2.1.0)
    multi_json (1.13.1)
    multi_test (0.1.2)
    multipart-post (2.0.0)
    octokit (4.8.0)
      sawyer (~> 0.8.0, >= 0.5.3)
    public_suffix (3.0.2)
    rake (10.5.0)
    rspec (3.7.0)
      rspec-core (~> 3.7.0)
      rspec-expectations (~> 3.7.0)
      rspec-mocks (~> 3.7.0)
    rspec-core (3.7.1)
      rspec-support (~> 3.7.0)
    rspec-expectations (3.7.0)
      diff-lcs (>= 1.2.0, < 2.0)
      rspec-support (~> 3.7.0)
    rspec-mocks (3.7.0)
      diff-lcs (>= 1.2.0, < 2.0)
      rspec-support (~> 3.7.0)
    rspec-support (3.7.1)
    sawyer (0.8.1)
      addressable (>= 2.3.5, < 2.6)
      faraday (~> 0.8, < 1.0)
    thor (0.20.0)
    unf (0.1.4)
      unf_ext
    unf_ext (0.0.7.5)

PLATFORMS
  ruby

DEPENDENCIES
  aruba
  bundler (~> 1.16)
  cucumber
  git_analysis!
  http (~> 3.3.0)
  json (~> 2.1.0)
  octokit (~> 4.8.0)
  rake (~> 10.0)
  rspec (~> 3.0)

BUNDLED WITH
   1.16.1
